GEM
  remote: https://rubygems.org/
  specs:
    activesupport (7.2.1)
      base64
      bigdecimal
      concurrent-ruby (~> 1.0, >= 1.3.1)
      connection_pool (>= 2.2.5)
      drb
      i18n (>= 1.6, < 2)
      logger (>= 1.4.2)
      minitest (>= 5.1)
      securerandom (>= 0.3)
      tzinfo (~> 2.0, >= 2.0.5)
    addressable (2.8.7)
      public_suffix (>= 2.0.2, < 7.0)
    ast (2.4.2)
    aws-eventstream (1.3.0)
    aws-partitions (1.968.0)
    aws-sdk-core (3.202.0)
      aws-eventstream (~> 1, >= 1.3.0)
      aws-partitions (~> 1, >= 1.651.0)
      aws-sigv4 (~> 1.9)
      jmespath (~> 1, >= 1.6.1)
    aws-sdk-ecr (1.80.0)
      aws-sdk-core (~> 3, >= 3.201.0)
      aws-sigv4 (~> 1.5)
    aws-sigv4 (1.9.1)
      aws-eventstream (~> 1, >= 1.0.2)
    base64 (0.2.0)
    bigdecimal (3.1.8)
    childprocess (5.0.0)
    colored2 (3.1.2)
    concurrent-ruby (1.3.4)
    confidante (0.28.0)
      activesupport (>= 4)
      hiera (~> 3.3)
      shikashi (~> 0.6)
      vault (~> 0.17)
    connection_pool (2.4.1)
    docker-api (2.3.0)
      excon (>= 0.64.0)
      multi_json
    down (5.4.1)
      addressable (~> 2.8)
    drb (2.2.1)
    evalhook (0.6.0)
      partialruby (~> 0.3)
      sexp_processor (~> 4.0)
    excon (0.111.0)
    faraday (2.11.0)
      faraday-net_http (>= 2.0, < 3.4)
      logger
    faraday-net_http (3.3.0)
      net-http
    getsource (0.2.2)
    git (1.18.0)
      addressable (~> 2.8)
      rchardet (~> 1.8)
    hamster (3.0.0)
      concurrent-ruby (~> 1.0)
    hiera (3.12.0)
    i18n (1.14.5)
      concurrent-ruby (~> 1.0)
    immutable-struct (2.4.1)
    jmespath (1.6.2)
    json (2.7.2)
    language_server-protocol (3.17.0.3)
    lino (4.1.0)
      childprocess (~> 5.0.0)
      hamster (~> 3.0)
      open4 (~> 1.3)
    logger (1.6.0)
    minitar (0.9)
    minitest (5.25.1)
    multi_json (1.15.0)
    net-http (0.4.1)
      uri
    octokit (8.1.0)
      base64
      faraday (>= 1, < 3)
      sawyer (~> 0.9)
    open4 (1.3.4)
    parallel (1.26.3)
    parser (3.3.4.2)
      ast (~> 2.4.1)
      racc
    partialruby (0.3.0)
      ruby2ruby (~> 2)
      ruby_parser (~> 3)
    public_suffix (6.0.1)
    racc (1.8.1)
    rainbow (3.1.1)
    rake (13.2.1)
    rake_circle_ci (0.13.0)
      colored2 (~> 3.1)
      excon (~> 0.72)
      rake_factory (~> 0.33)
      sshkey (~> 2.0)
    rake_dependencies (3.9.0)
      down (~> 5.3)
      hamster (~> 3.0)
      minitar (~> 0.9)
      rake_factory (~> 0.33)
      rubyzip (>= 1.3)
    rake_docker (2.22.0.pre.3)
      aws-sdk-ecr (~> 1.2)
      colored2 (~> 3.1)
      docker-api (>= 2.3, < 3.0)
      rake_factory (~> 0.33)
    rake_factory (0.34.0.pre.2)
      activesupport (>= 4)
      rake (~> 13.0)
    rake_git (0.3.0.pre.2)
      colored2 (~> 3.1)
      git (~> 1.13, >= 1.13.2)
      rake_factory (~> 0.33)
    rake_git_crypt (0.3.0.pre.2)
      colored2 (~> 3.1)
      rake_factory (~> 0.33)
      ruby_git_crypt (~> 0.1)
      ruby_gpg2 (~> 0.12)
    rake_github (0.15.0)
      colored2 (~> 3.1)
      octokit (>= 4.16, < 9.0)
      rake_factory (~> 0.33)
      sshkey (~> 2.0)
    rake_gpg (0.20.0)
      rake_factory (~> 0.33)
      ruby_gpg2 (~> 0.12)
    rake_leiningen (0.38.0)
      rake_dependencies (~> 3.7)
      rake_factory (~> 0.33)
      ruby_leiningen (~> 0.29)
      semantic (~> 1.6)
    rake_ssh (0.12.0)
      colored2 (~> 3.1)
      rake_factory (~> 0.33)
      sshkey (~> 2.0)
    rchardet (1.8.0)
    regexp_parser (2.9.2)
    rexml (3.3.6)
      strscan
    rubocop (1.65.1)
      json (~> 2.3)
      language_server-protocol (>= 3.17.0)
      parallel (~> 1.10)
      parser (>= 3.3.0.2)
      rainbow (>= 2.2.2, < 4.0)
      regexp_parser (>= 2.4, < 3.0)
      rexml (>= 3.2.5, < 4.0)
      rubocop-ast (>= 1.31.1, < 2.0)
      ruby-progressbar (~> 1.7)
      unicode-display_width (>= 2.4.0, < 3.0)
    rubocop-ast (1.32.1)
      parser (>= 3.3.1.0)
    rubocop-rake (0.6.0)
      rubocop (~> 1.0)
    rubocop-rspec (3.0.4)
      rubocop (~> 1.61)
    ruby-progressbar (1.13.0)
    ruby2ruby (2.5.0)
      ruby_parser (~> 3.1)
      sexp_processor (~> 4.6)
    ruby_git_crypt (0.2.0.pre.2)
      immutable-struct (~> 2.4)
      lino (>= 4.1)
    ruby_gpg2 (0.12.0)
      lino (>= 4.1)
    ruby_leiningen (0.29.0)
      activesupport (>= 6.0.2, < 8)
      lino (>= 4.1)
    ruby_parser (3.20.3)
      sexp_processor (~> 4.16)
    rubyzip (2.3.2)
    sawyer (0.9.2)
      addressable (>= 2.3.5)
      faraday (>= 0.17.3, < 3)
    securerandom (0.3.1)
    semantic (1.6.1)
    sexp_processor (4.17.0)
    shikashi (0.6.0)
      evalhook (>= 0.6.0)
      getsource (>= 0.1.0)
    sshkey (2.0.0)
    strscan (3.1.0)
    tzinfo (2.0.6)
      concurrent-ruby (~> 1.0)
    unicode-display_width (2.5.0)
    uri (0.13.1)
    vault (0.18.2)
      aws-sigv4

PLATFORMS
  arm64-darwin-21
  arm64-darwin-22
  ruby
  x86_64-linux

DEPENDENCIES
  confidante
  rake
  rake_circle_ci
  rake_docker (~> 2.22.0.pre.3)
  rake_git
  rake_git_crypt
  rake_github
  rake_gpg
  rake_leiningen
  rake_ssh
  rubocop
  rubocop-rake
  rubocop-rspec

BUNDLED WITH
   2.2.25
